PATH
  remote: .
  specs:
    browserstack-local (1.4.3)
      subprocess (~> 1.5)

GEM
  remote: https://rubygems.org/
  specs:
    json (2.7.1)
    minitest (5.22.2)
    rake (13.1.0)
    rspec-core (3.13.0)
      rspec-support (~> 3.13.0)
    rspec-support (3.13.0)
    subprocess (1.5.6)

PLATFORMS
  arm64-darwin-23
  ruby

DEPENDENCIES
  browserstack-local!
  json
  minitest
  rake
  rspec-core (~> 3.13)

BUNDLED WITH
   2.5.5
