GEM
  remote: http://rubygems.org/
  specs:
    json (2.3.0)
    minitest (5.8.4)
    rake (12.3.3)

PLATFORMS
  ruby

DEPENDENCIES
  json
  minitest
  rake

BUNDLED WITH
   1.11.2
