GEM
  remote: http://rubygems.org/
  specs:
    json (2.3.0)
    minitest (5.14.0)
    rake (13.0.1)

PLATFORMS
  ruby

DEPENDENCIES
  json
  minitest
  rake

BUNDLED WITH
   1.17.3
